GEM
  remote: http://rubygems.org/
  specs:
    POpen4 (0.1.4)
      Platform (>= 0.4.0)
      open4
    Platform (0.4.0)
    RedCloth (4.2.8)
    active_support (3.0.0)
      activesupport (= 3.0.0)
    activesupport (3.0.0)
    addressable (2.2.6)
    albino (1.3.3)
      posix-spawn (>= 0.3.6)
    blankslate (2.1.2.4)
    chunky_png (1.2.1)
    classifier (1.3.3)
      fast-stemmer (>= 1.0.0)
    compass (0.11.5)
      chunky_png (~> 1.2)
      fssm (>= 0.2.7)
      sass (~> 3.1)
    css_parser (1.2.5)
      addressable
    directory_watcher (1.4.0)
    fast-stemmer (1.0.0)
    ffi (1.0.9)
    fssm (0.2.7)
    guard (0.8.8)
      thor (~> 0.14.6)
    guard-bundler (0.1.3)
      bundler (>= 1.0.0)
      guard (>= 0.2.2)
    guard-compass (0.0.6)
      compass (>= 0.10.5)
      guard (>= 0.2.1)
    guard-jammit (0.2.0)
      guard
      jammit
    haml (3.1.2)
    jammit (0.6.5)
      yui-compressor (>= 0.9.3)
    jekyll (0.11.0)
      albino (>= 1.3.2)
      classifier (>= 1.3.1)
      directory_watcher (>= 1.1.1)
      kramdown (>= 0.13.2)
      liquid (>= 1.9.0)
      maruku (>= 0.5.9)
    kramdown (0.13.3)
    libnotify (0.5.9)
      ffi (~> 1.0.0)
    liquid (2.2.2)
    maruku (0.6.0)
      syntax (>= 1.0.0)
    open4 (1.3.0)
    posix-spawn (0.3.6)
    pygments.rb (0.1.3)
      rubypython (>= 0.5.1)
    rack (1.3.2)
    rake (0.9.2)
    rb-fchange (0.0.5)
      ffi
    rb-fsevent (0.4.3.1)
    rb-inotify (0.8.8)
      ffi (>= 0.5.0)
    rdiscount (1.6.8)
    ruby-oembed (0.8.3)
    rubypants (0.2.0)
    rubypython (0.5.1)
      blankslate (>= 2.1.2.3)
      ffi (~> 1.0.7)
    sass (3.1.5)
    sinatra (1.2.6)
      rack (~> 1.1)
      tilt (>= 1.2.2, < 2.0)
    stringex (1.3.0)
    syntax (1.0.0)
    thor (0.14.6)
    tilt (1.3.2)
    yajl-ruby (1.1.0)
    yui-compressor (0.9.6)
      POpen4 (>= 0.1.4)

PLATFORMS
  ruby

DEPENDENCIES
  RedCloth
  active_support
  compass (>= 0.11)
  css_parser
  guard
  guard-bundler
  guard-compass
  guard-jammit
  haml (>= 3.1)
  jammit
  jekyll
  libnotify
  liquid (= 2.2.2)
  pygments.rb
  rack
  rake
  rb-fchange
  rb-fsevent
  rb-inotify
  rdiscount
  ruby-oembed
  rubypants
  sinatra (= 1.2.6)
  stringex
  yajl-ruby
